GEM
  remote: https://rubygems.org/
  specs:
    equivalent-xml (0.2.9)
      nokogiri (>= 1.4.3)
    mini_portile2 (2.3.0)
    nokogiri (1.8.5)
      mini_portile2 (~> 2.3.0)
    rmagick (2.13.2)
    rubyzip (1.0.0)

PLATFORMS
  ruby

DEPENDENCIES
  equivalent-xml (~> 0.2.9)
  nokogiri (~> 1.8.3)
  rmagick (~> 2.13.0)
  rubyzip (~> 1.0.0)

BUNDLED WITH
   1.17.3
