GEM
  remote: https://rubygems.org/
  specs:
    equivalent-xml (0.2.9)
      nokogiri (>= 1.4.3)
    nokogiri (1.5.11)
    rmagick (2.13.2)
    rubyzip (1.3.0)

PLATFORMS
  ruby

DEPENDENCIES
  equivalent-xml (~> 0.2.9)
  nokogiri (~> 1.5.2)
  rmagick (~> 2.13.0)
  rubyzip (~> 1.3.0)

BUNDLED WITH
   1.17.3
