GEM
  remote: http://ruby.taobao.org/
  specs:
    equivalent-xml (0.2.9)
      nokogiri (>= 1.4.3)
    minitest (5.3.5)
    nokogiri (1.5.11)
    rmagick (2.13.2)
    rubyzip (1.0.0)

PLATFORMS
  ruby

DEPENDENCIES
  equivalent-xml (~> 0.2.9)
  minitest (~> 5.3.5)
  nokogiri (~> 1.5.2)
  rmagick (~> 2.13.0)
  rubyzip (~> 1.0.0)
